GEM
  remote: https://rubygems.org/
  specs:
    date (3.3.1)
    dotenv (2.8.1)
    mail (2.8.0)
      mini_mime (>= 0.1.1)
      net-imap
      net-pop
      net-smtp
    mini_mime (1.1.2)
    net-imap (0.3.2)
      date
      net-protocol
    net-pop (0.1.2)
      net-protocol
    net-protocol (0.2.1)
      timeout
    net-smtp (0.3.3)
      net-protocol
    timeout (0.3.1)

PLATFORMS
  ruby
  x64-mingw32

DEPENDENCIES
  dotenv
  mail

BUNDLED WITH
   2.2.15
